GEM
  remote: https://rubygems.org/
  specs:
    nio4r (2.5.2)
    puma (4.2.1)
      nio4r (~> 2.0)
    rack (1.6.11)
    rack-protection (1.5.5)
      rack
    sinatra (1.4.7)
      rack (~> 1.5)
      rack-protection (~> 1.4)
      tilt (>= 1.3, < 3)
    tilt (2.0.5)

PLATFORMS
  ruby

DEPENDENCIES
  puma
  sinatra

BUNDLED WITH
   1.12.5
