GEM
  remote: https://rubygems.org/
  specs:
    mustermann (3.0.0)
      ruby2_keywords (~> 0.0.1)
    nio4r (2.5.8)
    puma (6.0.0)
      nio4r (~> 2.0)
    rack (2.2.6.3)
    rack-protection (3.0.3)
      rack
    ruby2_keywords (0.0.5)
    sinatra (3.0.3)
      mustermann (~> 3.0)
      rack (~> 2.2, >= 2.2.4)
      rack-protection (= 3.0.3)
      tilt (~> 2.0)
    tilt (2.0.11)

PLATFORMS
  ruby

DEPENDENCIES
  puma
  sinatra

BUNDLED WITH
   2.3.7
